GIT
  remote: git://github.com/victormours/mustache.git
  revision: 00037bedbc771fbd0b4baf74dfe5e3c2a76df8ef
  branch: no-section-for-empty-hash
  specs:
    mustache (0.99.6)

PATH
  remote: .
  specs:
    chaplin (0.0.0)
      mustache
      pry
      rack

GEM
  remote: https://rubygems.org/
  specs:
    coderay (1.1.0)
    diff-lcs (1.2.5)
    method_source (0.8.2)
    pry (0.10.0)
      coderay (~> 1.1.0)
      method_source (~> 0.8.1)
      slop (~> 3.4)
    rack (1.5.2)
    rspec (3.0.0)
      rspec-core (~> 3.0.0)
      rspec-expectations (~> 3.0.0)
      rspec-mocks (~> 3.0.0)
    rspec-core (3.0.3)
      rspec-support (~> 3.0.0)
    rspec-expectations (3.0.3)
      diff-lcs (>= 1.2.0, < 2.0)
      rspec-support (~> 3.0.0)
    rspec-mocks (3.0.3)
      rspec-support (~> 3.0.0)
    rspec-support (3.0.3)
    slop (3.6.0)

PLATFORMS
  ruby

DEPENDENCIES
  chaplin!
  mustache!
  rspec
